GEM
  remote: https://rubygems.org/
  specs:
    aws-eventstream (1.0.0)
    aws-partitions (1.87.0)
    aws-sdk-core (3.21.1)
      aws-eventstream (~> 1.0)
      aws-partitions (~> 1.0)
      aws-sigv4 (~> 1.0)
      jmespath (~> 1.0)
    aws-sdk-kms (1.5.0)
      aws-sdk-core (~> 3)
      aws-sigv4 (~> 1.0)
    aws-sdk-s3 (1.12.0)
      aws-sdk-core (~> 3, >= 3.21.1)
      aws-sdk-kms (~> 1)
      aws-sigv4 (~> 1.0)
    aws-sigv4 (1.0.2)
    coderay (1.1.2)
    dotenv (2.2.1)
    httparty (0.16.2)
      multi_xml (>= 0.5.2)
    jmespath (1.4.0)
    json (2.1.0)
    method_source (0.9.0)
    multi_xml (0.6.0)
    pry (0.11.3)
      coderay (~> 1.1.0)
      method_source (~> 0.9.0)
    rack (2.0.5)
    rake (12.3.0)

PLATFORMS
  ruby

DEPENDENCIES
  aws-sdk-s3
  dotenv
  httparty
  json
  pry
  rack
  rake

RUBY VERSION
   ruby 2.3.1p112

BUNDLED WITH
   1.16.0
